PATH
  remote: .
  specs:
    schema_compliance (0.1.0)

GEM
  remote: https://rubygems.org/
  specs:
    ast (2.4.2)
    minitest (5.14.4)
    parallel (1.20.1)
    parser (3.0.1.1)
      ast (~> 2.4.1)
    rainbow (3.0.0)
    rake (13.0.3)
    regexp_parser (2.1.1)
    rexml (3.2.4)
    rubocop (0.92.0)
      parallel (~> 1.10)
      parser (>= 2.7.1.5)
      rainbow (>= 2.2.2, < 4.0)
      regexp_parser (>= 1.7)
      rexml
      rubocop-ast (>= 0.5.0)
      ruby-progressbar (~> 1.7)
      unicode-display_width (>= 1.4.0, < 2.0)
    rubocop-ast (1.4.1)
      parser (>= 2.7.1.5)
    ruby-progressbar (1.11.0)
    sorbet (0.5.6445)
      sorbet-static (= 0.5.6445)
    sorbet-runtime (0.5.6427)
    sorbet-static (0.5.6445-universal-darwin-14)
    unicode-display_width (1.7.0)

PLATFORMS
  ruby

DEPENDENCIES
  minitest (~> 5.0)
  rake (~> 13.0)
  rubocop (~> 0.80)
  schema_compliance!
  sorbet
  sorbet-runtime

BUNDLED WITH
   2.2.1
